GEM
  remote: http://rubygems.org/
  specs:
    builder (3.0.0)
    concurrent-ruby (1.1.8)
    cucumber (1.2.1)
      builder (>= 2.1.2)
      diff-lcs (>= 1.1.3)
      gherkin (~> 2.11.0)
      json (>= 1.4.6)
    deep_merge (1.2.1)
    diff-lcs (1.1.3)
    facter (4.0.52)
      hocon (~> 1.3)
      thor (>= 1.0.1, < 2.0)
    fast_gettext (1.8.0)
    ffi (1.1.5)
    ffi (1.1.5-x86-mingw32)
    gherkin (2.11.2)
      json (>= 1.4.6)
    gherkin (2.11.2-x86-mingw32)
      json (>= 1.4.6)
    hiera (3.7.0)
    hocon (1.3.1)
    httpclient (2.8.3)
    json (1.7.5)
    locale (2.1.3)
    multi_json (1.15.0)
    nokogiri (1.5.5)
    nokogiri (1.5.5-x86-mingw32)
    puppet (6.13.0)
      concurrent-ruby (~> 1.0)
      deep_merge (~> 1.0)
      facter (> 2.0.1, < 5)
      fast_gettext (~> 1.1)
      hiera (>= 3.2.1, < 4)
      httpclient (~> 2.8)
      locale (~> 2.1)
      multi_json (~> 1.10)
      puppet-resource_api (~> 1.5)
      semantic_puppet (~> 1.0)
    puppet-resource_api (1.8.13)
      hocon (>= 1.0)
    rake (0.9.2.2)
    rspec (2.11.0)
      rspec-core (~> 2.11.0)
      rspec-expectations (~> 2.11.0)
      rspec-mocks (~> 2.11.0)
    rspec-core (2.11.1)
    rspec-expectations (2.11.2)
      diff-lcs (~> 1.1.3)
    rspec-mocks (2.11.2)
    semantic_puppet (1.0.3)
    thor (1.1.0)
    win32-dir (0.4.0)
      ffi (>= 1.0.0)

PLATFORMS
  ruby
  x86-mingw32

DEPENDENCIES
  cucumber
  nokogiri
  puppet
  rake
  rspec
  win32-dir
