GEM
  remote: http://rubygems.org/
  specs:
    builder (3.0.0)
    cucumber (1.2.1)
      builder (>= 2.1.2)
      diff-lcs (>= 1.1.3)
      gherkin (~> 2.11.0)
      json (>= 1.4.6)
    diff-lcs (1.1.3)
    facter (1.6.10)
    ffi (1.1.5)
    ffi (1.1.5-x86-mingw32)
    gherkin (2.11.2)
      json (>= 1.4.6)
    gherkin (2.11.2-x86-mingw32)
      json (>= 1.4.6)
    json (2.3.1)
    nokogiri (1.5.5)
    nokogiri (1.5.5-x86-mingw32)
    puppet (2.7.18)
      facter (~> 1.5)
    rake (0.9.2.2)
    rspec (2.11.0)
      rspec-core (~> 2.11.0)
      rspec-expectations (~> 2.11.0)
      rspec-mocks (~> 2.11.0)
    rspec-core (2.11.1)
    rspec-expectations (2.11.2)
      diff-lcs (~> 1.1.3)
    rspec-mocks (2.11.2)
    win32-dir (0.4.0)
      ffi (>= 1.0.0)

PLATFORMS
  ruby
  x86-mingw32

DEPENDENCIES
  cucumber
  nokogiri
  puppet
  rake
  rspec
  win32-dir
